GEM
  remote: https://rubygems.org/
  specs:
    bazaar (0.0.2)
    bcrypt (3.1.16)
    daemons (1.3.1)
    eventmachine (1.2.7)
    ffi (1.14.2)
    listen (3.4.0)
      rb-fsevent (~> 0.10, >= 0.10.3)
      rb-inotify (~> 0.9, >= 0.9.10)
    mustermann (1.1.1)
      ruby2_keywords (~> 0.0.1)
    rack (2.2.3)
    rack-protection (2.1.0)
      rack
    rb-fsevent (0.10.4)
    rb-inotify (0.10.1)
      ffi (~> 1.0)
    rerun (0.13.1)
      listen (~> 3.0)
    ruby2_keywords (0.0.2)
    sinatra (2.1.0)
      mustermann (~> 1.0)
      rack (~> 2.2)
      rack-protection (= 2.1.0)
      tilt (~> 2.0)
    sqlite3 (1.4.2)
    sysrandom (1.0.5)
    thin (1.8.0)
      daemons (~> 1.0, >= 1.0.9)
      eventmachine (~> 1.0, >= 1.0.4)
      rack (>= 1, < 3)
    tilt (2.0.10)

PLATFORMS
  x86_64-darwin-19
  x86_64-linux

DEPENDENCIES
  bazaar
  bcrypt
  rerun
  sinatra
  sqlite3
  sysrandom
  thin

RUBY VERSION
   ruby 3.0.0p0

BUNDLED WITH
   2.2.12
